GEM
  remote: https://rubygems.org/
  specs:
    RubyInline (3.12.5)
      ZenTest (~> 4.3)
    ZenTest (4.12.0)
    coderay (1.1.3)
    concurrent-ruby (1.1.7)
    ethon (0.12.0)
      ffi (>= 1.3.0)
    ffi (1.13.1)
    fuzzy-string-match (1.0.1)
      RubyInline (>= 3.8.6)
    i18n (1.8.5)
      concurrent-ruby (~> 1.0)
    method_source (1.0.0)
    pry (0.13.1)
      coderay (~> 1.1)
      method_source (~> 1.0)
    rexml (3.2.4)
    russian (0.6.0)
      i18n (>= 0.5.0)
    typhoeus (1.4.0)
      ethon (>= 0.9.0)

PLATFORMS
  ruby

DEPENDENCIES
  fuzzy-string-match
  pry
  rexml
  russian
  typhoeus

BUNDLED WITH
   2.1.4
